GEM
  remote: https://rubygems.org/
  specs:
    byebug (3.4.2)
      columnize (~> 0.8)
      debugger-linecache (~> 1.2)
      slop (~> 3.6)
    columnize (0.8.9)
    debugger-linecache (1.2.0)
    ffi (1.8.1)
    guard (1.2.3)
      listen (>= 0.4.2)
      thor (>= 0.14.6)
    guard-bundler (1.0.0)
      bundler (~> 1.0)
      guard (~> 1.1)
    guard-minitest (0.5.0)
      guard (>= 0.4)
    i18n (0.6.4)
    linguistics (2.0.2)
      loggability (~> 0.5)
    listen (1.1.6)
      rb-fsevent (>= 0.9.3)
      rb-inotify (>= 0.9)
      rb-kqueue (>= 0.2)
    loggability (0.6.0)
    rake (10.0.4)
    rb-fsevent (0.9.3)
    rb-inotify (0.9.0)
      ffi (>= 0.5.0)
    rb-kqueue (0.2.0)
      ffi (>= 0.5.0)
    slop (3.6.0)
    thor (0.18.1)

PLATFORMS
  ruby

DEPENDENCIES
  byebug (~> 3.4)
  guard (~> 1.2)
  guard-bundler (~> 1.0)
  guard-minitest (~> 0.5)
  i18n (~> 0.6)
  linguistics (~> 2.0)
  rake (~> 10.0)
