GEM
  remote: http://rubygems.org/
  specs:
    activesupport (3.0.9)
    diff-lcs (1.1.2)
    guard (0.6.2)
      thor (~> 0.14.6)
    i18n (0.6.0)
    libnotify (0.5.7)
    linguistics (1.0.8)
    memoize (1.3.1)
    rspec (2.6.0)
      rspec-core (~> 2.6.0)
      rspec-expectations (~> 2.6.0)
      rspec-mocks (~> 2.6.0)
    rspec-core (2.6.4)
    rspec-expectations (2.6.0)
      diff-lcs (~> 1.1.2)
    rspec-mocks (2.6.0)
    thor (0.14.6)

PLATFORMS
  ruby

DEPENDENCIES
  activesupport
  guard
  i18n
  libnotify
  linguistics
  memoize
  rspec
